PATH
  remote: .
  specs:
    arver (0.1.0)
      activesupport (< 3.0.0)
      escape (>= 0.0.2)
      gpgme (>= 2.0.0)
      highline (>= 1.6.2)

GEM
  remote: http://rubygems.org/
  specs:
    activesupport (2.3.14)
    builder (3.0.0)
    cucumber (1.1.9)
      builder (>= 2.1.2)
      diff-lcs (>= 1.1.2)
      gherkin (~> 2.9.0)
      json (>= 1.4.6)
      term-ansicolor (>= 1.0.6)
    diff-lcs (1.1.3)
    escape (0.0.4)
    gherkin (2.9.3)
      json (>= 1.4.6)
    gpgme (2.0.0)
    highline (1.6.11)
    json (1.7.0)
    rake (0.9.2.2)
    rspec (2.9.0)
      rspec-core (~> 2.9.0)
      rspec-expectations (~> 2.9.0)
      rspec-mocks (~> 2.9.0)
    rspec-core (2.9.0)
    rspec-expectations (2.9.1)
      diff-lcs (~> 1.1.3)
    rspec-mocks (2.9.0)
    term-ansicolor (1.0.7)

PLATFORMS
  ruby

DEPENDENCIES
  arver!
  cucumber (>= 0.10.2)
  rake (>= 0.9.2)
  rspec (>= 2.5.0)
