PATH
  remote: .
  specs:
    arver (0.0.1)
      activesupport (>= 2.3.8)
      escape (>= 0.0.4)
      gpgme (>= 1.0.8)
      highline (>= 1.6.1)
      i18n (>= 0.4.1)

GEM
  remote: http://rubygems.org/
  specs:
    activesupport (3.0.5)
    escape (0.0.4)
    gpgme (1.0.8)
    highline (1.6.1)
    i18n (0.5.0)

PLATFORMS
  ruby

DEPENDENCIES
  arver!
