PATH
  remote: .
  specs:
    arver (0.0.2)
      activesupport (< 3.0.0)
      cucumber (>= 0.10.2)
      escape (>= 0.0.4)
      gpgme (>= 1.0.8)
      highline (>= 1.6.1)
      i18n (>= 0.4.1)
      rake
      rcov (>= 0.9.9)
      rspec (>= 2.5.0)

GEM
  remote: http://rubygems.org/
  specs:
    activesupport (2.3.12)
    builder (3.0.0)
    cucumber (1.0.2)
      builder (>= 2.1.2)
      diff-lcs (>= 1.1.2)
      gherkin (~> 2.4.5)
      json (>= 1.4.6)
      term-ansicolor (>= 1.0.5)
    diff-lcs (1.1.2)
    escape (0.0.4)
    gherkin (2.4.5)
      json (>= 1.4.6)
    gpgme (1.0.8)
    highline (1.6.2)
    i18n (0.6.0)
    json (1.5.3)
    rake (0.8.7)
    rcov (0.9.9)
    rspec (2.6.0)
      rspec-core (~> 2.6.0)
      rspec-expectations (~> 2.6.0)
      rspec-mocks (~> 2.6.0)
    rspec-core (2.6.4)
    rspec-expectations (2.6.0)
      diff-lcs (~> 1.1.2)
    rspec-mocks (2.6.0)
    term-ansicolor (1.0.6)

PLATFORMS
  ruby

DEPENDENCIES
  arver!
