PATH
  remote: .
  specs:
    arver (0.1.2)
      activesupport (< 3.0.0)
      escape (>= 0.0.4)
      gpgme (>= 2.0.0)
      highline (>= 1.6.2)

GEM
  remote: http://rubygems.org/
  specs:
    activesupport (2.3.14)
    builder (3.0.0)
    cucumber (1.2.1)
      builder (>= 2.1.2)
      diff-lcs (>= 1.1.3)
      gherkin (~> 2.11.0)
      json (>= 1.4.6)
    diff-lcs (1.1.3)
    escape (0.0.4)
    gherkin (2.11.0)
      json (>= 1.4.6)
    gpgme (2.0.1)
    highline (1.6.12)
    json (1.7.3)
    rake (0.9.2.2)
    rspec (2.10.0)
      rspec-core (~> 2.10.0)
      rspec-expectations (~> 2.10.0)
      rspec-mocks (~> 2.10.0)
    rspec-core (2.10.1)
    rspec-expectations (2.10.0)
      diff-lcs (~> 1.1.3)
    rspec-mocks (2.10.1)

PLATFORMS
  ruby

DEPENDENCIES
  arver!
  cucumber (>= 0.10.2)
  rake (>= 0.9.2)
  rspec (>= 2.5.0)
